GEM
  remote: https://rubygems.org/
  specs:
    bcrypt-ruby (3.1.2)
    rack (1.5.2)
    rack-protection (1.5.1)
      rack
    rack_csrf (2.4.0)
      rack (>= 0.9)
    sequel (4.4.0)
    sequel_secure_password (0.2.3)
      bcrypt-ruby (>= 3.1, < 4.0)
      sequel (>= 4.1.0, < 5.0)
    sinatra (1.4.4)
      rack (~> 1.4)
      rack-protection (~> 1.4)
      tilt (~> 1.3, >= 1.3.4)
    tilt (1.4.1)

PLATFORMS
  ruby

DEPENDENCIES
  rack_csrf
  sequel
  sequel_secure_password
  sinatra
